{
	"Modality": "MR",
	"MagneticFieldStrength": 3,
	"ImagingFrequency": 123.247,
	"Manufacturer": "Siemens",
	"ManufacturersModelName": "Prisma_fit",
	"InstitutionName": "Washington University",
	"InstitutionalDepartmentName": "Department",
	"InstitutionAddress": "Scott Ave 4525,St. Louis,MO,US,63110",
	"DeviceSerialNumber": "67064",
	"StationName": "MRC35177",
	"BodyPartExamined": "HEAD",
	"PatientPosition": "HFS",
	"ProcedureStepDescription": "head^Braver",
	"SoftwareVersions": "syngo MR E11",
	"MRAcquisitionType": "3D",
	"SeriesDescription": "T1w_MPR",
	"ProtocolName": "T1w_MPR",
	"ScanningSequence": "GR\\IR",
	"SequenceVariant": "SK\\SP\\MP",
	"ScanOptions": "IR\\WE",
	"SequenceName": "*tfl3d1_16ns",
	"ImageType": ["ORIGINAL", "PRIMARY", "M", "ND"],
	"SeriesNumber": 11,
	"AcquisitionTime": "17:38:3.687500",
	"AcquisitionNumber": 1,
	"SliceThickness": 0.8,
	"SAR": 0.045426,
	"EchoTime": 0.00222,
	"RepetitionTime": 2.4,
	"SpoilingState": true,
	"InversionTime": 1,
	"FlipAngle": 8,
	"PartialFourier": 1,
	"BaseResolution": 320,
	"ShimSetting": [
		-1992,
		-11532,
		5835,
		681,
		74,
		139,
		-84,
		2	],
	"TxRefAmp": 227.627,
	"PhaseResolution": 1,
	"ReceiveCoilName": "Head_32",
	"ReceiveCoilActiveElements": "HEA;HEP",
	"PulseSequenceDetails": "%SiemensSeq%\\tfl",
	"RefLinesPE": 32,
	"CoilCombinationMethod": "Adaptive Combine",
	"ConsistencyInfo": "N4_VE11C_LATEST_20160120",
	"MatrixCoilMode": "GRAPPA",
	"PercentPhaseFOV": 93.75,
	"PercentSampling": 100,
	"PhaseEncodingSteps": 299,
	"AcquisitionMatrixPE": 300,
	"ReconMatrixPE": 300,
	"ParallelReductionFactorInPlane": 2,
	"PixelBandwidth": 220,
	"DwellTime": 7.1e-06,
	"ImageOrientationPatientDICOM": [
		-0.0329056,
		0.998452,
		-0.0448399,
		0.00147986,
		-0.0448155,
		-0.998994	],
	"ImageOrientationText": "Sag>Cor(-1.9)>Tra(-0.0)",
	"InPlanePhaseEncodingDirectionDICOM": "ROW",
	"ConversionSoftware": "dcm2niix",
	"ConversionSoftwareVersion": "v1.0.20211006"
}
